GIT
  remote: https://github.com/Code-Mozart/interact
  revision: 03e4c3e20194ac93dda3a759a9b5821d2ef7a219
  specs:
    interact (0.1.0)
      ruby2d

GEM
  remote: https://rubygems.org/
  specs:
    ruby2d (0.12.1)

PLATFORMS
  x86_64-darwin-22

DEPENDENCIES
  interact!

BUNDLED WITH
   2.4.15
