GIT
  remote: https://github.com/Code-Mozart/interact
  revision: 4cefaa9d9123a3fd755c97ff2627fab19a5387d2
  specs:
    interact (0.1.0)
      ruby2d

GEM
  remote: https://rubygems.org/
  specs:
    ruby2d (0.12.1)

PLATFORMS
  x86_64-darwin-22

DEPENDENCIES
  interact!

BUNDLED WITH
   2.4.15
