GIT
  remote: https://github.com/Code-Mozart/interact
  revision: 4c023a0a1c1a0b8715d90546d29a91be026b68af
  specs:
    interact (0.1.0)
      ruby2d

GEM
  remote: https://rubygems.org/
  specs:
    ruby2d (0.12.1)

PLATFORMS
  x86_64-darwin-22

DEPENDENCIES
  interact!

BUNDLED WITH
   2.4.15
