GIT
  remote: https://github.com/Code-Mozart/interact
  revision: 11a94888bb2a35eb6cd6b38b8c0e26bc40a6321c
  specs:
    interact (0.1.0)
      ruby2d

GEM
  remote: https://rubygems.org/
  specs:
    ruby2d (0.12.1)

PLATFORMS
  x86_64-darwin-22

DEPENDENCIES
  interact!

BUNDLED WITH
   2.4.15
