GIT
  remote: https://github.com/Code-Mozart/interact
  revision: ec20ffaf5293599ec9a0ddf2e07a6561636113a8
  specs:
    interact (0.1.0)
      ruby2d

GEM
  remote: https://rubygems.org/
  specs:
    ruby2d (0.12.1)

PLATFORMS
  x86_64-darwin-22

DEPENDENCIES
  interact!

BUNDLED WITH
   2.4.15
